GEM
  remote: http://rubygems.org/
  specs:
    activesupport (3.2.3)
      i18n (~> 0.6)
      multi_json (~> 1.0)
    backports (2.5.3)
    daemons (1.1.8)
    diff-lcs (1.1.3)
    eventmachine (0.12.10)
    haml (3.1.6)
    hashie (1.2.0)
    i18n (0.6.0)
    json (1.7.3)
    multi_json (1.3.5)
    nokogiri (1.5.2)
    oauth (0.4.6)
    omniauth (1.1.0)
      hashie (~> 1.2)
      rack
    omniauth-oauth (1.0.1)
      oauth
      omniauth (~> 1.0)
    omniauth-twitter (0.0.11)
      multi_json (~> 1.3)
      omniauth-oauth (~> 1.0)
    pg (0.13.2)
    rack (1.4.1)
    rack-protection (1.2.0)
      rack
    rack-test (0.6.1)
      rack (>= 1.0)
    rack_csrf (2.4.0)
      rack (>= 0.9)
    rspec (2.10.0)
      rspec-core (~> 2.10.0)
      rspec-expectations (~> 2.10.0)
      rspec-mocks (~> 2.10.0)
    rspec-core (2.10.0)
    rspec-expectations (2.10.0)
      diff-lcs (~> 1.1.3)
    rspec-mocks (2.10.1)
    sequel (3.35.0)
    sinatra (1.3.2)
      rack (~> 1.3, >= 1.3.6)
      rack-protection (~> 1.2)
      tilt (~> 1.3, >= 1.3.3)
    sinatra-contrib (1.3.1)
      backports (>= 2.0)
      eventmachine
      rack-protection
      rack-test
      sinatra (~> 1.3.0)
      tilt (~> 1.3)
    thin (1.3.1)
      daemons (>= 1.0.9)
      eventmachine (>= 0.12.6)
      rack (>= 1.0.0)
    tilt (1.3.3)

PLATFORMS
  ruby

DEPENDENCIES
  activesupport (>= 3.2.3)
  haml (>= 3.1.6)
  json (>= 1.7.3)
  nokogiri (>= 1.5.2)
  omniauth-twitter (>= 0.0.11)
  pg (>= 0.13.2)
  rack_csrf (>= 2.4.0)
  rspec (>= 2.10.0)
  sequel (>= 3.35.0)
  sinatra (>= 1.3.2)
  sinatra-contrib (>= 1.3.1)
  thin (>= 1.3.1)
